GEM
  remote: https://rubygems.org/
  specs:
    coderay (1.1.3)
    concurrent-ruby (1.1.9)
    i18n (1.8.10)
      concurrent-ruby (~> 1.0)
    json (2.5.1)
    method_source (1.0.0)
    pry (0.14.1)
      coderay (~> 1.1)
      method_source (~> 1.0)

PLATFORMS
  x86_64-darwin-20

DEPENDENCIES
  i18n (~> 1.8, >= 1.8.10)
  json (~> 2.5, >= 2.5.1)
  pry (~> 0.14.0)

BUNDLED WITH
   2.2.27
