GEM
  remote: https://rubygems.org/
  specs:
    little-plugger (1.1.4)
    logging (2.2.2)
      little-plugger (~> 1.1)
      multi_json (~> 1.10)
    multi_json (1.13.1)

PLATFORMS
  ruby

DEPENDENCIES
  logging (~> 2)

BUNDLED WITH
   2.0.2
