GEM
  remote: https://rubygems.org/
  specs:
    coderay (1.1.2)
    little-plugger (1.1.4)
    logging (2.2.2)
      little-plugger (~> 1.1)
      multi_json (~> 1.10)
    method_source (0.9.2)
    multi_json (1.13.1)
    pry (0.12.2)
      coderay (~> 1.1.0)
      method_source (~> 0.9.0)

PLATFORMS
  ruby

DEPENDENCIES
  logging (~> 2)
  pry

BUNDLED WITH
   2.0.2
