GEM
  remote: https://rubygems.org/
  specs:
    coderay (1.1.2)
    daemons (1.3.1)
    eventmachine (1.2.7)
    ffi (1.11.1)
    get_process_mem (0.2.4)
      ffi (~> 1.0)
    kgio (2.11.2)
    little-plugger (1.1.4)
    logging (2.2.2)
      little-plugger (~> 1.1)
      multi_json (~> 1.10)
    memory_profiler (0.9.14)
    method_source (0.9.2)
    multi_json (1.13.1)
    mustermann (1.0.3)
    nio4r (2.5.7)
    pg (1.1.4)
    pry (0.12.2)
      coderay (~> 1.1.0)
      method_source (~> 0.9.0)
    puma (4.3.8)
      nio4r (~> 2.0)
    rack (2.0.8)
    rack-protection (2.0.5)
      rack
    raindrops (0.19.0)
    require_all (2.0.0)
    ruby-prof (1.0.0)
    sinatra (2.0.5)
      mustermann (~> 1.0)
      rack (~> 2.0)
      rack-protection (= 2.0.5)
      tilt (~> 2.0)
    thin (1.7.2)
      daemons (~> 1.0, >= 1.0.9)
      eventmachine (~> 1.0, >= 1.0.4)
      rack (>= 1, < 3)
    tilt (2.0.9)
    unicorn (5.5.1)
      kgio (~> 2.6)
      raindrops (~> 0.7)
    webrick (1.4.2)

PLATFORMS
  ruby

DEPENDENCIES
  get_process_mem
  logging (~> 2)
  memory_profiler
  pg
  pry
  puma
  require_all
  ruby-prof
  sinatra
  thin
  unicorn
  webrick

BUNDLED WITH
   2.0.2
