GEM
  remote: https://rubygems.org/
  specs:
    coderay (1.1.2)
    ffi (1.11.1)
    get_process_mem (0.2.4)
      ffi (~> 1.0)
    little-plugger (1.1.4)
    logging (2.2.2)
      little-plugger (~> 1.1)
      multi_json (~> 1.10)
    memory_profiler (0.9.14)
    method_source (0.9.2)
    multi_json (1.13.1)
    pry (0.12.2)
      coderay (~> 1.1.0)
      method_source (~> 0.9.0)
    require_all (2.0.0)

PLATFORMS
  ruby

DEPENDENCIES
  get_process_mem
  logging (~> 2)
  memory_profiler
  pry
  require_all

BUNDLED WITH
   2.0.2
